GEM
  remote: https://rubygems.org/
  specs:
    chunky_png (1.3.11)
    mustermann (1.1.1)
      ruby2_keywords (~> 0.0.1)
    pdf-core (0.7.0)
    prawn (2.2.2)
      pdf-core (~> 0.7.0)
      ttfunk (~> 1.5)
    rack (2.2.3)
    rack-protection (2.2.0)
      rack
    rqrcode (1.1.2)
      chunky_png (~> 1.0)
      rqrcode_core (~> 0.1)
    rqrcode_core (0.1.2)
    ruby2_keywords (0.0.5)
    sinatra (2.2.0)
      mustermann (~> 1.0)
      rack (~> 2.2)
      rack-protection (= 2.2.0)
      tilt (~> 2.0)
    tilt (2.0.10)
    ttfunk (1.6.2.1)

PLATFORMS
  ruby

DEPENDENCIES
  prawn
  rqrcode
  sinatra

RUBY VERSION
   ruby 2.7.5p203

BUNDLED WITH
   2.3.7
